GIT
  remote: https://github.com/bundler/bundler.git
  revision: a2343c9eabf5403d8ffcbca4dea33d18a60fc157
  ref: a2343c9eabf5403d8ffcbca4dea33d18a60fc157
  specs:

PATH
  remote: .
  specs:
    bundix (0.1.0)
      bundler (~> 1.7.4)
      thor (~> 0.19.1)

GEM
  remote: https://rubygems.org/
  specs:
    thor (0.19.1)

PLATFORMS
  ruby

DEPENDENCIES
  bundix!
  bundler!
  thor
