PATH
  remote: .
  specs:
    bundix (1.0.4)
      thor (~> 0.19.1)

GEM
  remote: https://rubygems.org/
  specs:
    thor (0.19.1)

PLATFORMS
  ruby

DEPENDENCIES
  bundix!

BUNDLED WITH
   1.10.5
