PATH
  remote: .
  specs:
    bundix (0.1.0)
      bundler (~> 1.7.4)
      thor (~> 0.19.1)

GEM
  remote: https://rubygems.org/
  specs:
    thor (0.19.1)

PLATFORMS
  ruby

DEPENDENCIES
  bundix!
